GIT
  remote: http://github.com/sanger/lims-api.git
  revision: e487eaa632c95d1048d737a105b484a6a22788a6
  branch: uat
  specs:
    lims-api (3.2.2.rc1)
      activesupport
      bunny (= 0.9.0.pre10)
      json
      sequel
      state_machine

GIT
  remote: http://github.com/sanger/lims-core.git
  revision: da083bba6950830ff7456bb7d3e2302180cb39f4
  branch: uat
  specs:
    lims-core (3.2.1.rc1)
      activesupport
      aequitas
      bunny (= 0.9.0.pre10)
      dm-validations
      facets (= 2.9.3)
      modularity (= 0.6.1)
      sequel
      state_machine
      uuid
      virtus (= 0.2.0)

GIT
  remote: http://github.com/sanger/lims-exception-notifier-app.git
  revision: 360dda5975b21a7b5bea1575ed5de176ad9ba8fb
  branch: master
  specs:
    lims-exception-notifier-app (0.1.3)
      mustache (~> 0.99.4)

GIT
  remote: http://github.com/sanger/psd_logger.git
  revision: dd2d634114df75b1d8535715c169a7fc99521389
  specs:
    psd_logger (0.1.6)

GIT
  remote: http://github.com/sinatra/sinatra.git
  revision: 459369eb66224836f72e21bbece58c007f3422fa
  branch: 459369eb66224836f72e21bbece58c007f3422fa
  specs:
    sinatra (1.4.0)
      rack (~> 1.4)
      rack-protection (~> 1.3)
      tilt (~> 1.3, >= 1.3.3)

PATH
  remote: .
  specs:
    lims-quality-app (0.9.1.rc1)
      bunny (= 0.9.0.pre10)

GEM
  remote: http://rubygems.org/
  specs:
    activesupport (3.0.0)
    addressable (2.3.6)
    aequitas (0.0.2)
    amq-protocol (1.9.2)
    bond (0.4.3)
    bunny (0.9.0.pre10)
      amq-protocol (>= 1.4.0)
    columnize (0.3.6)
    debugger (1.6.3)
      columnize (>= 0.3.1)
      debugger-linecache (~> 1.2.0)
      debugger-ruby_core_source (~> 1.2.4)
    debugger-completion (1.0.0)
      bond (>= 0.4.2)
      debugger (~> 1.1)
    debugger-linecache (1.2.0)
    debugger-ruby_core_source (1.2.4)
    diff-lcs (1.1.3)
    dm-core (1.2.1)
      addressable (~> 2.3)
    dm-validations (1.2.0)
      dm-core (~> 1.2.0)
    facets (2.9.3)
    github-markup (0.7.5)
    hashdiff (0.1.1)
    jdbc-mysql (5.1.27)
    jdbc-sqlite3 (3.7.2.1)
    jruby-rack (1.1.13.3)
    json (1.8.1)
    json (1.8.1-java)
    macaddr (1.7.1)
      systemu (~> 2.6.2)
    mime-types (2.0)
    modularity (0.6.1)
    mustache (0.99.5)
    mysql2 (0.3.14)
    oj (2.4.0)
    rack (1.5.2)
    rack-protection (1.5.1)
      rack
    rack-test (0.6.2)
      rack (>= 1.0)
    rake (0.9.6)
    rest-client (1.6.7)
      mime-types (>= 1.16)
    rspec (2.8.0)
      rspec-core (~> 2.8.0)
      rspec-expectations (~> 2.8.0)
      rspec-mocks (~> 2.8.0)
    rspec-core (2.8.0)
    rspec-expectations (2.8.0)
      diff-lcs (~> 1.1.2)
    rspec-mocks (2.8.0)
    ruby-debug (0.10.4)
      columnize (>= 0.1)
      ruby-debug-base (~> 0.10.4.0)
    ruby-debug-base (0.10.4-java)
    sequel (4.16.0)
    shotgun (0.9)
      rack (>= 1.0)
    sqlite3 (1.3.8)
    state_machine (1.2.0)
    systemu (2.6.4)
    tilt (1.4.1)
    timecop (0.7.0)
    trinidad (1.4.5)
      jruby-rack (>= 1.1.13)
      trinidad_jars (>= 1.2.3)
    trinidad_daemon_extension (0.4.0)
      trinidad (>= 1.3.5)
    trinidad_jars (1.2.5)
    uuid (2.3.7)
      macaddr (~> 1.0)
    virtus (0.2.0)
    yard (0.8.7.3)
    yard-rspec (0.1)
      yard

PLATFORMS
  java
  ruby

DEPENDENCIES
  activesupport (~> 3.0.0)
  debugger
  debugger-completion
  github-markup (~> 0.7.1)
  hashdiff
  jdbc-mysql
  jdbc-sqlite3
  json
  lims-api (~> 3.2.2.rc1)!
  lims-core (~> 3.2.1.rc1)!
  lims-exception-notifier-app (~> 0.1)!
  lims-quality-app!
  mysql2
  oj
  psd_logger!
  rack-test (~> 0.6.1)
  rake (~> 0.9.2)
  rest-client
  rspec (~> 2.8.0)
  ruby-debug
  shotgun
  sinatra!
  sqlite3
  timecop
  trinidad
  trinidad_daemon_extension
  yard (>= 0.7.0)
  yard-rspec (= 0.1)
